GEM
  remote: https://rubygems.org/
  specs:
    frankenpins (0.2.1)
      unobservable (~> 0.11.0)
      wiringpi2 (~> 2.0.0)
    mime-types (2.0)
    rest-client (1.6.7)
      mime-types (>= 1.16)
    settingslogic (2.0.9)
    unobservable (0.11.0)
    wiringpi2 (2.0.1)

PLATFORMS
  ruby

DEPENDENCIES
  frankenpins
  rest-client
  settingslogic
